GEM
  remote: https://rubygems.org/
  specs:
    mustermann (1.0.1)
    rack (2.0.3)
    rack-protection (2.0.0)
      rack
    require_all (1.3.3)
    shotgun (0.9.2)
      rack (>= 1.0)
    sinatra (2.0.0)
      mustermann (~> 1.0)
      rack (~> 2.0)
      rack-protection (= 2.0.0)
      tilt (~> 2.0)
    tilt (2.0.8)

PLATFORMS
  ruby

DEPENDENCIES
  require_all
  shotgun
  sinatra

BUNDLED WITH
   1.15.4
